GEM
  remote: https://rubygems.org/
  specs:
    actionmailer (4.2.0.beta1)
      actionpack (= 4.2.0.beta1)
      actionview (= 4.2.0.beta1)
      mail (~> 2.5, >= 2.5.4)
      rails-dom-testing (~> 1.0, >= 1.0.2)
    actionpack (4.2.0.beta1)
      actionview (= 4.2.0.beta1)
      activesupport (= 4.2.0.beta1)
      rack (~> 1.6.0.beta)
      rack-test (~> 0.6.2)
      rails-deprecated_sanitizer (~> 1.0, >= 1.0.2)
      rails-dom-testing (~> 1.0, >= 1.0.2)
    actionview (4.2.0.beta1)
      activesupport (= 4.2.0.beta1)
      builder (~> 3.1)
      erubis (~> 2.7.0)
      rails-deprecated_sanitizer (~> 1.0, >= 1.0.2)
      rails-dom-testing (~> 1.0, >= 1.0.2)
    activejob (4.2.0.beta1)
      globalid (>= 0.2.3)
    activemodel (4.2.0.beta1)
      activesupport (= 4.2.0.beta1)
      builder (~> 3.1)
    activerecord (4.2.0.beta1)
      activemodel (= 4.2.0.beta1)
      activesupport (= 4.2.0.beta1)
      arel (>= 6.0.0.beta1, < 6.1)
    activesupport (4.2.0.beta1)
      i18n (>= 0.7.0.beta1, < 0.8)
      json (~> 1.7, >= 1.7.7)
      minitest (~> 5.1)
      thread_safe (~> 0.1)
      tzinfo (~> 1.1)
    annotate (2.6.5)
      activerecord (>= 2.3.0)
      rake (>= 0.8.7)
    ansi (1.4.3)
    arel (6.0.0.beta1)
    ast (2.0.0)
    better_errors (2.0.0)
      coderay (>= 1.0.0)
      erubis (>= 2.6.6)
      rack (>= 0.9.0)
    binding_of_caller (0.7.2)
      debug_inspector (>= 0.0.1)
    builder (3.2.2)
    capybara (2.4.1)
      mime-types (>= 1.16)
      nokogiri (>= 1.3.3)
      rack (>= 1.0.0)
      rack-test (>= 0.5.4)
      xpath (~> 2.0)
    coderay (1.1.0)
    codesake-commons (1.0.0)
      mechanize
      nokogiri
      rainbow (~> 2.0.0)
    codesake-dawn (1.2.0)
      codesake-commons (~> 1.0.0)
      coveralls
      cvss
      grit
      haml
      justify
      parser
      ptools
      ruby_parser
      sys-uname
      terminal-table
    coffee-script (2.3.0)
      coffee-script-source
      execjs
    coffee-script-source (1.8.0)
    coveralls (0.7.1)
      multi_json (~> 1.3)
      rest-client
      simplecov (>= 0.7)
      term-ansicolor
      thor
    cvss (0.99.0)
    debug_inspector (0.0.2)
    diff-lcs (1.2.5)
    docile (1.1.5)
    domain_name (0.5.21)
      unf (>= 0.0.5, < 1.0.0)
    erubis (2.7.0)
    execjs (2.2.1)
    factory_girl (4.4.0)
      activesupport (>= 3.0.0)
    factory_girl_rails (4.4.1)
      factory_girl (~> 4.4.0)
      railties (>= 3.0.0)
    faker (1.4.3)
      i18n (~> 0.5)
    ffi (1.9.3)
    globalid (0.3.0)
      activesupport (>= 4.1.0)
    gravatar_image_tag (1.2.0)
    grit (2.0.0)
      diff-lcs (>= 1.1.2)
      mime-types (>= 1.15)
    haml (4.0.5)
      tilt
    hike (1.2.3)
    holepicker (0.3.3)
      json (~> 1.8)
      rainbow (~> 2.0)
    http-cookie (1.0.2)
      domain_name (~> 0.5)
    i18n (0.7.0.beta1)
    jquery-rails (3.1.2)
      railties (>= 3.0, < 5.0)
      thor (>= 0.14, < 2.0)
    json (1.8.1)
    justify (1.0.2)
    mail (2.6.1)
      mime-types (>= 1.16, < 3)
    mechanize (2.7.3)
      domain_name (~> 0.5, >= 0.5.1)
      http-cookie (~> 1.0)
      mime-types (~> 2.0)
      net-http-digest_auth (~> 1.1, >= 1.1.1)
      net-http-persistent (~> 2.5, >= 2.5.2)
      nokogiri (~> 1.4)
      ntlm-http (~> 0.1, >= 0.1.1)
      webrobots (>= 0.0.9, < 0.2)
    mime-types (2.3)
    mini_portile (0.6.0)
    minitest (5.4.1)
    multi_json (1.10.1)
    net-http-digest_auth (1.4)
    net-http-persistent (2.9.4)
    netrc (0.7.7)
    nokogiri (1.6.3.1)
      mini_portile (= 0.6.0)
    ntlm-http (0.1.1)
    parser (2.1.9)
      ast (>= 1.1, < 3.0)
      slop (~> 3.4, >= 3.4.5)
    pg (0.17.1)
    protected_attributes (1.0.8)
      activemodel (>= 4.0.1, < 5.0)
    ptools (1.2.6)
    rack (1.6.0.beta)
    rack-test (0.6.2)
      rack (>= 1.0)
    rails (4.2.0.beta1)
      actionmailer (= 4.2.0.beta1)
      actionpack (= 4.2.0.beta1)
      actionview (= 4.2.0.beta1)
      activejob (= 4.2.0.beta1)
      activemodel (= 4.2.0.beta1)
      activerecord (= 4.2.0.beta1)
      activesupport (= 4.2.0.beta1)
      bundler (>= 1.3.0, < 2.0)
      railties (= 4.2.0.beta1)
      sprockets-rails (~> 3.0.0.beta1)
    rails-deprecated_sanitizer (1.0.2)
      activesupport (>= 4.2.0.alpha)
    rails-dom-testing (1.0.2)
      activesupport
      nokogiri (~> 1.6.0)
      rails-deprecated_sanitizer (>= 1.0.1)
    railties (4.2.0.beta1)
      actionpack (= 4.2.0.beta1)
      activesupport (= 4.2.0.beta1)
      rake (>= 0.8.7)
      thor (>= 0.18.1, < 2.0)
    rainbow (2.0.0)
    rake (10.3.2)
    responders (2.0.0)
      railties (>= 4.2.0.alpha, < 5)
    rest-client (1.7.2)
      mime-types (>= 1.16, < 3.0)
      netrc (~> 0.7)
    rspec-collection_matchers (1.0.0)
      rspec-expectations (>= 2.99.0.beta1)
    rspec-core (2.99.2)
    rspec-expectations (2.99.2)
      diff-lcs (>= 1.1.3, < 2.0)
    rspec-mocks (2.99.2)
    rspec-rails (2.99.0)
      actionpack (>= 3.0)
      activemodel (>= 3.0)
      activesupport (>= 3.0)
      railties (>= 3.0)
      rspec-collection_matchers
      rspec-core (~> 2.99.0)
      rspec-expectations (~> 2.99.0)
      rspec-mocks (~> 2.99.0)
    ruby_parser (3.6.2)
      sexp_processor (~> 4.1)
    sass (3.4.4)
    sexp_processor (4.4.4)
    simplecov (0.9.0)
      docile (~> 1.1.0)
      multi_json
      simplecov-html (~> 0.8.0)
    simplecov-html (0.8.0)
    slop (3.6.0)
    spork (1.0.0rc4)
    spork-rails (4.0.0)
      rails (>= 3.0.0, < 5)
      spork (>= 1.0rc0)
    sprockets (2.12.2)
      hike (~> 1.2)
      multi_json (~> 1.0)
      rack (~> 1.0)
      tilt (~> 1.1, != 1.3.0)
    sprockets-rails (3.0.0.beta1)
      actionpack (>= 4.0)
      activesupport (>= 4.0)
      sprockets (~> 2.8)
    sys-uname (0.9.2)
      ffi (>= 1.0.0)
    term-ansicolor (1.3.0)
      tins (~> 1.0)
    terminal-table (1.4.5)
    thor (0.19.1)
    thread_safe (0.3.4)
    tilt (1.4.1)
    tins (1.3.2)
    turn (0.9.6)
      ansi
    tzinfo (1.2.2)
      thread_safe (~> 0.1)
    uglifier (2.5.3)
      execjs (>= 0.3.0)
      json (>= 1.8.0)
    unf (0.1.4)
      unf_ext
    unf_ext (0.0.6)
    webrat (0.7.3)
      nokogiri (>= 1.2.0)
      rack (>= 1.0)
      rack-test (>= 0.5.3)
    webrobots (0.1.1)
    will_paginate (3.0.7)
    xpath (2.0.0)
      nokogiri (~> 1.3)

PLATFORMS
  ruby

DEPENDENCIES
  annotate
  better_errors
  binding_of_caller
  capybara
  codesake-dawn
  coffee-script
  factory_girl_rails
  faker
  gravatar_image_tag
  holepicker
  jquery-rails
  json
  nokogiri
  pg
  protected_attributes
  rack
  rails (= 4.2.0.beta1)
  rake
  responders
  rspec-rails (= 2.99.0)
  sass
  spork-rails
  turn
  uglifier
  webrat
  will_paginate
